GEM
  remote: https://rubygems.org/
  specs:
    airbrussh (1.1.1)
      sshkit (>= 1.6.1, != 1.7.0)
    capistrano (3.5.0)
      airbrussh (>= 1.0.0)
      capistrano-harrow
      i18n
      rake (>= 10.0.0)
      sshkit (>= 1.9.0)
    capistrano-composer (0.0.6)
      capistrano (>= 3.0.0.pre)
    capistrano-harrow (0.5.3)
    i18n (0.7.0)
    json (2.0.2)
    net-scp (1.2.1)
      net-ssh (>= 2.6.5)
    net-ssh (3.2.0)
    rake (11.3.0)
    slackistrano (2.0.1)
      capistrano (>= 3.0.1)
      json
    sshkit (1.11.4)
      net-scp (>= 1.1.2)
      net-ssh (>= 2.8.0)

PLATFORMS
  ruby

DEPENDENCIES
  capistrano (~> 3.5.0)
  capistrano-composer (~> 0.0.6)
  slackistrano (~> 2.0.1)

BUNDLED WITH
   1.13.6
